NUGET
  remote: https://www.nuget.org/api/v2
  specs:
    DynamicInterop (0.7.4)
    FAKE (3.34.7)
    NuGet.CommandLine (2.8.5)
    NUnit (2.6.4)
    NUnit.Runners (2.6.4)
